PATH
  remote: .
  specs:
    trailer_vote-fixtures (1.7.1)

GEM
  remote: https://rubygems.org/
  specs:
    ansi (1.5.0)
    builder (3.2.3)
    minitest (5.12.2)
    minitest-ci (3.4.0)
      minitest (>= 5.0.6)
    minitest-reporters (1.4.0)
      ansi
      builder
      minitest (>= 5.0)
      ruby-progressbar
    oj (3.9.2)
    rake (13.0.0)
    ruby-progressbar (1.10.1)

PLATFORMS
  ruby
  x64-mingw32

DEPENDENCIES
  bundler (~> 1.16)
  minitest (~> 5.11)
  minitest-ci (~> 3.4)
  minitest-reporters (~> 1.3)
  oj (~> 3.6)
  rake (~> 13.0)
  trailer_vote-fixtures!

BUNDLED WITH
   1.17.3
