PATH
  remote: .
  specs:
    trailer_vote-fixtures (0.1.0)

GEM
  remote: https://rubygems.org/
  specs:
    ansi (1.5.0)
    builder (3.2.3)
    minitest (5.11.3)
    minitest-ci (3.4.0)
      minitest (>= 5.0.6)
    minitest-reporters (1.3.5)
      ansi
      builder
      minitest (>= 5.0)
      ruby-progressbar
    oj (3.6.12)
    rake (12.3.1)
    ruby-progressbar (1.10.0)

PLATFORMS
  ruby
  x64-mingw32

DEPENDENCIES
  bundler (~> 1.16)
  minitest (~> 5.11)
  minitest-ci (~> 3.4)
  minitest-reporters (~> 1.3)
  oj (~> 3.6)
  rake (~> 12.3)
  trailer_vote-fixtures!

BUNDLED WITH
   1.16.6
